PATH
  remote: .
  specs:
    smash (1.0.0)
      hashie (~> 1.0)

GEM
  remote: http://rubygems.org/
  specs:
    awesome_print (0.4.0)
    bluecloth (2.1.0)
    columnize (0.3.3)
    diff-lcs (1.1.2)
    fuubar (0.0.5)
      rspec (~> 2.0)
      rspec-instafail (~> 0.1.4)
      ruby-progressbar (~> 0.0.10)
    hashie (1.1.0)
    json (1.5.3)
    linecache (0.46)
      rbx-require-relative (> 0.0.4)
    rake (0.8.7)
    rbx-require-relative (0.0.5)
    rr (1.0.2)
    rspec (2.6.0)
      rspec-core (~> 2.6.0)
      rspec-expectations (~> 2.6.0)
      rspec-mocks (~> 2.6.0)
    rspec-core (2.6.4)
    rspec-expectations (2.6.0)
      diff-lcs (~> 1.1.2)
    rspec-instafail (0.1.8)
    rspec-mocks (2.6.0)
    ruby-debug (0.10.4)
      columnize (>= 0.1)
      ruby-debug-base (~> 0.10.4.0)
    ruby-debug-base (0.10.4)
      linecache (>= 0.3)
    ruby-progressbar (0.0.10)
    yard (0.7.2)

PLATFORMS
  ruby

DEPENDENCIES
  awesome_print
  bluecloth
  fuubar
  json
  rake
  rr
  rspec (~> 2.0)
  ruby-debug
  smash!
  yard
